GEM
  remote: https://rubygems.org/
  specs:
    coderay (1.1.3)
    method_source (1.0.0)
    pg (1.5.1)
    pry (0.14.2)
      coderay (~> 1.1)
      method_source (~> 1.0)

PLATFORMS
  x86_64-linux

DEPENDENCIES
  pg
  pry

RUBY VERSION
   ruby 2.6.3p62

BUNDLED WITH
   2.2.3
